GEM
  remote: https://rubygems.org/
  specs:
    docile (1.4.1)
    minitest (5.25.4)
    rake (13.2.1)
    ruby-prof (1.7.1)
    simplecov (0.22.0)
      docile (~> 1.1)
      simplecov-html (~> 0.11)
      simplecov_json_formatter (~> 0.1)
    simplecov-html (0.13.1)
    simplecov_json_formatter (0.1.4)

PLATFORMS
  x86_64-linux

DEPENDENCIES
  bundler
  minitest
  rake
  ruby-prof
  simplecov

BUNDLED WITH
   2.3.27
